GEM
  remote: http://rubygems.org/
  specs:
    Ascii85 (1.0.1)
    ansi (1.3.0)
    blankslate (2.1.2.4)
    bluecloth (2.1.0)
    gli (1.3.3)
    json (1.6.1)
    mg (0.0.8)
      rake
    nokogiri (1.5.0)
    parslet (1.2.3)
      blankslate (~> 2.0)
    pdf-inspector (1.0.0)
      pdf-reader (>= 0.9.0)
    pdf-reader (0.10.0)
      Ascii85 (~> 1.0.0)
    pdfkit (0.5.2)
    rack (1.3.4)
    rack-protection (1.1.2)
      rack
    rack-test (0.6.1)
      rack (>= 1.0)
    rake (0.9.2)
    rmagick (2.13.1)
    showoff (0.7.0)
      bluecloth
      gli (>= 1.3.2)
      json
      nokogiri
      parslet
      sinatra
    sinatra (1.3.0)
      rack (~> 1.3)
      rack-protection (~> 1.1)
      tilt (~> 1.3)
    tilt (1.3.3)
    turn (0.8.2)
      ansi (>= 1.2.2)

PLATFORMS
  ruby

DEPENDENCIES
  bluecloth
  gli (>= 1.2.5)
  json
  mg
  nokogiri
  parslet
  pdf-inspector
  pdfkit
  rack-test
  rmagick
  showoff
  sinatra
  turn
